GEM
  remote: https://rubygems.org/
  specs:
    mime-types (2.4.3)
    netrc (0.8.0)
    rest-client (1.7.2)
      mime-types (>= 1.16, < 3.0)
      netrc (~> 0.7)

PLATFORMS
  ruby

DEPENDENCIES
  rest-client
